GEM
  remote: https://rubygems.org/
  specs:
    activemodel (4.0.2)
      activesupport (= 4.0.2)
      builder (~> 3.1.0)
    activesupport (4.0.2)
      i18n (~> 0.6, >= 0.6.4)
      minitest (~> 4.2)
      multi_json (~> 1.3)
      thread_safe (~> 0.1)
      tzinfo (~> 0.3.37)
    ansi (1.4.3)
    atomic (1.1.14)
    builder (3.1.4)
    faker (1.2.0)
      i18n (~> 0.5)
    hashr (0.0.22)
    i18n (0.6.9)
    mime-types (2.1)
    minitest (4.7.5)
    multi_json (1.8.4)
    rake (10.1.1)
    rest-client (1.6.7)
      mime-types (>= 1.16)
    thread_safe (0.1.3)
      atomic
    tire (0.6.2)
      activemodel (>= 3.0)
      activesupport
      ansi
      hashr (~> 0.0.19)
      multi_json (~> 1.3)
      rake
      rest-client (~> 1.6)
    tzinfo (0.3.38)

PLATFORMS
  ruby

DEPENDENCIES
  faker
  tire
